GIT
  remote: http://github.com/ccverak/geminabox.git
  revision: 15d081950586185c16f66a039f0dc861f92c9a20
  specs:
    geminabox (0.12.2)
      builder
      httpclient (>= 2.2.7)
      nesty
      sinatra (>= 1.2.7)

GEM
  remote: https://rubygems.org/
  specs:
    activesupport (4.0.2)
      i18n (~> 0.6, >= 0.6.4)
      minitest (~> 4.2)
      multi_json (~> 1.3)
      thread_safe (~> 0.1)
      tzinfo (~> 0.3.37)
    atomic (1.1.14)
    builder (3.2.2)
    ffi (1.9.3)
    httpclient (2.3.4.1)
    i18n (0.6.9)
    kgio (2.8.1)
    listen (0.7.3)
    minitest (4.7.5)
    multi_json (1.8.2)
    nesty (1.0.2)
    rack (1.5.2)
    rack-protection (1.5.1)
      rack
    raindrops (0.12.0)
    rb-inotify (0.9.3)
      ffi (>= 0.5.0)
    sinatra (1.4.4)
      rack (~> 1.4)
      rack-protection (~> 1.4)
      tilt (~> 1.3, >= 1.3.4)
    thread_safe (0.1.3)
      atomic
    tilt (1.4.1)
    tzinfo (0.3.38)
    unicorn (4.7.0)
      kgio (~> 2.6)
      rack
      raindrops (~> 0.7)

PLATFORMS
  ruby

DEPENDENCIES
  activesupport
  geminabox!
  listen (~> 0.7.3)
  rb-inotify (~> 0.9)
  unicorn
